GEM
  remote: http://rubygems.org/
  specs:
    active_support (3.0.0)
      activesupport (= 3.0.0)
    activesupport (3.0.0)
    ruby-prof (0.10.8)

PLATFORMS
  ruby

DEPENDENCIES
  active_support
  ruby-prof
